GEM
  remote: https://rubygems.org/
  specs:
    mini_portile (0.6.1)
    netrc (0.7.9)
    nokogiri (1.6.5)
      mini_portile (~> 0.6.0)
    rack (1.5.2)
    rack-protection (1.5.1)
      rack
    rest_client (1.8.2)
      netrc (~> 0.7.7)
    sinatra (1.4.4)
      rack (~> 1.4)
      rack-protection (~> 1.4)
      tilt (~> 1.3, >= 1.3.4)
    tilt (1.4.1)

PLATFORMS
  ruby

DEPENDENCIES
  nokogiri (= 1.6.5)
  rest_client
  sinatra
